PATH
  remote: /Users/josh/htdocs/common_engine_plugin
  specs:
    common_engine (0.0.1)
      aasm (~> 3.0.9)
      acts_as_list (~> 0.1.8)
      global_registry
      rails (>= 3.0.0)
      rubycas-client
      sidekiq

GEM
  remote: http://rubygems.org/
  specs:
    RubyInline (3.12.2)
      ZenTest (~> 4.3)
    ZenTest (4.9.4)
    aasm (3.0.22)
    abstract (1.0.0)
    actionmailer (3.0.20)
      actionpack (= 3.0.20)
      mail (~> 2.2.19)
    actionpack (3.0.20)
      activemodel (= 3.0.20)
      activesupport (= 3.0.20)
      builder (~> 2.1.2)
      erubis (~> 2.6.6)
      i18n (~> 0.5.0)
      rack (~> 1.2.5)
      rack-mount (~> 0.6.14)
      rack-test (~> 0.5.7)
      tzinfo (~> 0.3.23)
    active_utils (2.0.1)
      activesupport (>= 2.3.11)
      i18n
    activemerchant (1.28.0)
      active_utils (>= 1.0.2)
      activesupport (>= 2.3.11)
      builder (>= 2.0.0)
      i18n
      json (>= 1.5.1)
      money
      nokogiri
    activemodel (3.0.20)
      activesupport (= 3.0.20)
      builder (~> 2.1.2)
      i18n (~> 0.5.0)
    activerecord (3.0.20)
      activemodel (= 3.0.20)
      activesupport (= 3.0.20)
      arel (~> 2.0.10)
      tzinfo (~> 0.3.23)
    activeresource (3.0.20)
      activemodel (= 3.0.20)
      activesupport (= 3.0.20)
    activesupport (3.0.20)
    acts_as_list (0.1.9)
    acts_as_versioned (0.6.0)
      activerecord (~> 3.0.0.beta4)
    addressable (2.3.5)
    airbrake (3.1.14)
      builder
      json
    akami (1.2.0)
      gyoku (>= 0.4.0)
      nokogiri (>= 1.4.0)
    arel (2.0.10)
    awesome_print (1.2.0)
    aws-s3 (0.6.3)
      builder
      mime-types
      xml-simple
    backports (3.3.4)
    builder (2.1.2)
    capistrano (2.15.5)
      highline
      net-scp (>= 1.0.0)
      net-sftp (>= 2.0.0)
      net-ssh (>= 2.0.14)
      net-ssh-gateway (>= 1.1.0)
    carmen (0.2.13)
    celluloid (0.15.1)
      timers (~> 1.1.0)
    chronic (0.6.7)
    climate_control (0.0.3)
      activesupport (>= 3.0)
    cocaine (0.5.1)
      climate_control (>= 0.0.3, < 1.0)
    coderay (1.0.9)
    commonjs (0.2.7)
    connection_pool (1.1.0)
    cssmin (1.0.3)
    daemons (1.1.9)
    dalli (2.2.1)
    database_cleaner (1.1.1)
    diff-lcs (1.2.4)
    dynamic_form (1.1.4)
    erubis (2.6.6)
      abstract (>= 1.0.0)
    eventmachine (1.0.3)
    excelsior (0.1.0)
    factory_girl (4.2.0)
      activesupport (>= 3.0.0)
    factory_girl_rails (4.2.1)
      factory_girl (~> 4.2.0)
      railties (>= 3.0.0)
    faraday (0.8.8)
      multipart-post (~> 1.2.0)
    ffi (1.9.0)
    formatador (0.2.4)
    gcx_api (0.0.1)
      ox
      rest-client
    global_registry (1.0.1)
      activesupport
      oj (~> 2.1.0)
      rest-client (~> 1.6.7)
      retryable-rb (~> 1.1.0)
    google-geocode (1.2.1)
      hoe (>= 1.1.4)
      rc-rest (>= 2.0.0)
    guard (1.8.3)
      formatador (>= 0.2.4)
      listen (~> 1.3)
      lumberjack (>= 1.0.2)
      pry (>= 0.9.10)
      thor (>= 0.14.6)
    guard-rspec (3.1.0)
      guard (>= 1.8)
      rspec (~> 2.13)
    gyoku (1.0.0)
      builder (>= 2.1.2)
    haml (4.0.3)
      tilt
    hashie (2.0.5)
    highline (1.6.19)
    hoe (3.7.1)
      rake (>= 0.8, < 11.0)
    httpauth (0.2.0)
    httpi (2.0.2)
      rack
    i18n (0.5.0)
    identity_linker (1.0.0)
      savon (~> 2.1.0)
    image_science (1.2.5)
      RubyInline (~> 3.9)
    jammit (0.6.6)
      cssmin (>= 1.0.3)
      jsmin (>= 1.0.1)
    jsmin (1.0.1)
    json (1.8.0)
    jwt (0.1.8)
      multi_json (>= 1.5)
    kgio (2.8.1)
    less (2.2.2)
      commonjs (~> 0.2.6)
    libv8 (3.11.8.17)
    liquid (2.4.1)
    listen (1.3.1)
      rb-fsevent (>= 0.9.3)
      rb-inotify (>= 0.9)
      rb-kqueue (>= 0.2)
    lumberjack (1.0.4)
    mail (2.2.20)
      activesupport (>= 2.3.6)
      i18n (>= 0.4.0)
      mime-types (~> 1.16)
      treetop (~> 1.4.8)
    mail_safe (0.3.1)
      actionmailer (>= 1.3.6)
    mailcatcher (0.2.4)
      eventmachine
      haml
      i18n
      json
      mail
      sinatra
      skinny (>= 0.1.2)
      sqlite3-ruby
      thin
    message_block (1.1.0)
      rails (>= 3.0.0)
    method_source (0.8.2)
    mime-types (1.25)
    mini_portile (0.5.1)
    money (5.0.0)
      i18n (~> 0.4)
      json
    multi_json (1.8.0)
    multipart-post (1.2.0)
    mysql2 (0.2.20)
    net-http-persistent (1.9)
    net-scp (1.1.2)
      net-ssh (>= 2.6.5)
    net-sftp (2.1.2)
      net-ssh (>= 2.6.5)
    net-ssh (2.7.0)
    net-ssh-gateway (1.2.0)
      net-ssh (>= 2.6.5)
    newrelic_rpm (3.6.7.159)
    nokogiri (1.6.0)
      mini_portile (~> 0.5.0)
    nori (2.0.4)
    oauth2 (0.8.1)
      faraday (~> 0.8)
      httpauth (~> 0.1)
      jwt (~> 0.1.4)
      multi_json (~> 1.0)
      rack (~> 1.2)
    oj (2.1.4)
    omniauth (1.1.4)
      hashie (>= 1.2, < 3)
      rack
    omniauth-cas (0.0.7)
      addressable (~> 2.2)
      nokogiri (~> 1.5)
      omniauth (~> 1.1.0)
    omniauth-facebook (1.4.1)
      omniauth-oauth2 (~> 1.1.0)
    omniauth-oauth2 (1.1.1)
      oauth2 (~> 0.8.0)
      omniauth (~> 1.0)
    ox (2.0.9)
    paperclip (2.3.16)
      activerecord (>= 2.3.0)
      activesupport (>= 2.3.2)
      cocaine (>= 0.0.2)
      mime-types
    polyglot (0.3.3)
    pry (0.9.12.2)
      coderay (~> 1.0.5)
      method_source (~> 0.8)
      slop (~> 3.4)
    rack (1.2.8)
    rack-contrib (1.1.0)
      rack (>= 0.9.1)
    rack-mount (0.6.14)
      rack (>= 1.0.0)
    rack-test (0.5.7)
      rack (>= 1.0)
    rails (3.0.20)
      actionmailer (= 3.0.20)
      actionpack (= 3.0.20)
      activerecord (= 3.0.20)
      activeresource (= 3.0.20)
      activesupport (= 3.0.20)
      bundler (~> 1.0)
      railties (= 3.0.20)
    railties (3.0.20)
      actionpack (= 3.0.20)
      activesupport (= 3.0.20)
      rake (>= 0.8.7)
      rdoc (~> 3.4)
      thor (~> 0.14.4)
    raindrops (0.12.0)
    rake (10.1.0)
    rb-fsevent (0.9.3)
    rb-inotify (0.9.2)
      ffi (>= 0.5.0)
    rb-kqueue (0.2.0)
      ffi (>= 0.5.0)
    rc-rest (4.0)
      net-http-persistent (~> 1.0)
      nokogiri (>= 1.3.1)
    rdoc (3.12.2)
      json (~> 1.4)
    redis (3.0.4)
    redis-namespace (1.3.1)
      redis (~> 3.0.0)
    ref (1.0.5)
    relay_api_client (0.0.2)
      identity_linker (~> 1.0.0)
      savon (~> 2.1.0)
    rest-client (1.6.7)
      mime-types (>= 1.16)
    retryable-rb (1.1.0)
    rspec (2.14.1)
      rspec-core (~> 2.14.0)
      rspec-expectations (~> 2.14.0)
      rspec-mocks (~> 2.14.0)
    rspec-core (2.14.5)
    rspec-expectations (2.14.3)
      diff-lcs (>= 1.1.3, < 2.0)
    rspec-mocks (2.14.3)
    rspec-rails (2.14.0)
      actionpack (>= 3.0)
      activesupport (>= 3.0)
      railties (>= 3.0)
      rspec-core (~> 2.14.0)
      rspec-expectations (~> 2.14.0)
      rspec-mocks (~> 2.14.0)
    ruby-ole (1.2.11.7)
    rubycas-client (2.3.9)
      activesupport
    savon (2.1.0)
      akami (~> 1.2.0)
      builder (>= 2.1.2)
      gyoku (~> 1.0.0)
      httpi (~> 2.0.2)
      nokogiri (>= 1.4.0)
      nori (~> 2.0.3)
      wasabi (~> 3.0.0)
    sidekiq (2.14.1)
      celluloid (>= 0.14.1)
      connection_pool (>= 1.0.0)
      json
      redis (>= 3.0.4)
      redis-namespace (>= 1.3.1)
    siebel_donations (1.0.4)
      activesupport
      oj (~> 2.1.0)
      rest-client (~> 1.6.7)
      retryable-rb (~> 1.1.0)
    simplecov (0.7.1)
      multi_json (~> 1.0)
      simplecov-html (~> 0.7.1)
    simplecov-html (0.7.1)
    sinatra (1.2.9)
      backports
      rack (~> 1.1, < 1.5)
      tilt (>= 1.2.2, < 2.0)
    skinny (0.2.3)
      eventmachine (~> 1.0.0)
      thin (~> 1.5.0)
    slop (3.4.6)
    spork (1.0.0rc4)
    spork-rails (3.2.1)
      rails (>= 3.0.0, < 3.3.0)
      spork (>= 1.0rc0)
    spreadsheet (0.7.9)
      ruby-ole (>= 1.0)
    sqlite3 (1.3.8)
    sqlite3-ruby (1.3.3)
      sqlite3 (>= 1.3.3)
    therubyracer (0.11.4)
      libv8 (~> 3.11.8.12)
      ref
    thin (1.5.1)
      daemons (>= 1.0.9)
      eventmachine (>= 0.12.6)
      rack (>= 1.0.0)
    thor (0.14.6)
    tilt (1.4.1)
    timers (1.1.0)
    tiny_mce (0.1.8)
    treetop (1.4.15)
      polyglot
      polyglot (>= 0.3.1)
    tzinfo (0.3.37)
    unicorn (4.6.3)
      kgio (~> 2.6)
      rack
      raindrops (~> 0.7)
    wasabi (3.0.0)
      httpi (~> 2.0)
      nokogiri (>= 1.4.0)
    whenever (0.7.3)
      activesupport (>= 2.3.4)
      chronic (~> 0.6.3)
    will_paginate (3.0.5)
    xml-simple (1.1.2)

PLATFORMS
  ruby

DEPENDENCIES
  activemerchant (~> 1.28.0)
  acts_as_versioned (~> 0.6.0)
  airbrake (~> 3.1.5)
  awesome_print
  aws-s3 (~> 0.6.3)
  capistrano
  carmen (~> 0.2.12)
  common_engine!
  dalli (~> 2.2.1)
  database_cleaner
  dynamic_form (~> 1.1.4)
  excelsior (~> 0.1.0)
  factory_girl_rails
  gcx_api
  google-geocode (~> 1.2.1)
  guard-rspec
  image_science (~> 1.2.5)
  jammit (~> 0.6.5)
  less (~> 2.2.2)
  libv8 (~> 3.11.8)
  liquid (~> 2.4.1)
  mail_safe
  mailcatcher (~> 0.2.4)
  message_block (~> 1.1)
  mysql2 (~> 0.2.7)
  newrelic_rpm (>= 3.5.3.25)
  omniauth (~> 1.1.1)
  omniauth-cas (~> 0.0.7)
  omniauth-facebook (~> 1.4.1)
  paperclip (~> 2.3.8)
  rack-contrib (~> 1.1.0)
  rails (~> 3.0.18)
  rb-fsevent (~> 0.9)
  relay_api_client
  retryable-rb (~> 1.1.0)
  rspec-rails
  siebel_donations (~> 1.0.4)
  simplecov
  spork-rails (~> 3.2.0)
  spreadsheet (~> 0.7.4)
  therubyracer
  tiny_mce (~> 0.1.8)
  unicorn
  whenever (~> 0.7.3)
  will_paginate (~> 3.0.0)
