GEM
  remote: http://rubygems.org/
  specs:
    POpen4 (0.1.4)
      Platform (>= 0.4.0)
      open4
    Platform (0.4.0)
    aasm (3.0.9)
    abstract (1.0.0)
    actionmailer (3.0.17)
      actionpack (= 3.0.17)
      mail (~> 2.2.19)
    actionpack (3.0.17)
      activemodel (= 3.0.17)
      activesupport (= 3.0.17)
      builder (~> 2.1.2)
      erubis (~> 2.6.6)
      i18n (~> 0.5.0)
      rack (~> 1.2.5)
      rack-mount (~> 0.6.14)
      rack-test (~> 0.5.7)
      tzinfo (~> 0.3.23)
    active_utils (1.0.5)
      activesupport (>= 2.3.11)
      i18n
    activemerchant (1.28.0)
      active_utils (>= 1.0.2)
      activesupport (>= 2.3.11)
      builder (>= 2.0.0)
      i18n
      json (>= 1.5.1)
      money
      nokogiri
    activemodel (3.0.17)
      activesupport (= 3.0.17)
      builder (~> 2.1.2)
      i18n (~> 0.5.0)
    activerecord (3.0.17)
      activemodel (= 3.0.17)
      activesupport (= 3.0.17)
      arel (~> 2.0.10)
      tzinfo (~> 0.3.23)
    activeresource (3.0.17)
      activemodel (= 3.0.17)
      activesupport (= 3.0.17)
    activesupport (3.0.17)
    acts_as_list (0.1.8)
    acts_as_versioned (0.6.0)
      activerecord (~> 3.0.0.beta4)
    addressable (2.3.2)
    airbrake (3.1.5)
      builder
      girl_friday
    arel (2.0.10)
    aws-s3 (0.6.3)
      builder
      mime-types
      xml-simple
    builder (2.1.2)
    capistrano (2.13.4)
      highline
      net-scp (>= 1.0.0)
      net-sftp (>= 2.0.0)
      net-ssh (>= 2.0.14)
      net-ssh-gateway (>= 1.1.0)
    carmen (0.2.13)
    chronic (0.6.7)
    cocaine (0.4.0)
    commonjs (0.2.6)
    connection_pool (0.9.2)
    daemons (1.1.9)
    dalli (2.2.1)
    database_cleaner (0.8.0)
    diff-lcs (1.1.3)
    dynamic_form (1.1.4)
    erubis (2.6.6)
      abstract (>= 1.0.0)
    eventmachine (1.0.0)
    excelsior (0.1.0)
    factory_girl (4.1.0)
      activesupport (>= 3.0.0)
    factory_girl_rails (4.1.0)
      factory_girl (~> 4.1.0)
      railties (>= 3.0.0)
    faraday (0.8.4)
      multipart-post (~> 1.1)
    girl_friday (0.10.0)
      connection_pool (~> 0.9.0)
    google-geocode (1.2.1)
      hoe (>= 1.1.4)
      rc-rest (>= 2.0.0)
    guard (1.4.0)
      listen (>= 0.4.2)
      thor (>= 0.14.6)
    guard-rspec (2.1.0)
      guard (>= 1.1)
      rspec (~> 2.11)
    haml (3.1.7)
    hashie (1.2.0)
    highline (1.6.15)
    hoe (3.1.0)
      rake (~> 0.8)
    httpauth (0.2.0)
    i18n (0.5.0)
    jammit (0.6.5)
      yui-compressor (>= 0.9.3)
    jruby-pageant (1.1.1)
    json (1.7.5)
    jwt (0.1.5)
      multi_json (>= 1.0)
    kgio (2.7.4)
    less (2.2.2)
      commonjs (~> 0.2.6)
    libv8 (3.3.10.4)
    liquid (2.4.1)
    listen (0.5.3)
    mail (2.2.19)
      activesupport (>= 2.3.6)
      i18n (>= 0.4.0)
      mime-types (~> 1.16)
      treetop (~> 1.4.8)
    mail_safe (0.3.1)
      actionmailer (>= 1.3.6)
    mailcatcher (0.2.4)
      eventmachine
      haml
      i18n
      json
      mail
      sinatra
      skinny (>= 0.1.2)
      sqlite3-ruby
      thin
    message_block (1.1.0)
      rails (>= 3.0.0)
    mime-types (1.19)
    money (5.0.0)
      i18n (~> 0.4)
      json
    multi_json (1.3.6)
    multipart-post (1.1.5)
    mysql2 (0.2.18)
    net-http-persistent (1.9)
    net-scp (1.0.4)
      net-ssh (>= 1.99.1)
    net-sftp (2.0.5)
      net-ssh (>= 2.0.9)
    net-ssh (2.6.0)
      jruby-pageant (>= 1.1.1)
    net-ssh-gateway (1.1.0)
      net-ssh (>= 1.99.1)
    newrelic_rpm (3.5.3.25)
    nokogiri (1.5.5)
    oa-core (0.3.2)
    oa-openid (0.3.2)
      oa-core (= 0.3.2)
      rack-openid (~> 1.3.1)
      ruby-openid-apps-discovery (~> 1.2.0)
    oauth2 (0.8.0)
      faraday (~> 0.8)
      httpauth (~> 0.1)
      jwt (~> 0.1.4)
      multi_json (~> 1.0)
      rack (~> 1.2)
    oj (1.4.6)
    omniauth (1.1.1)
      hashie (~> 1.2)
      rack
    omniauth-cas (0.0.7)
      addressable (~> 2.2)
      nokogiri (~> 1.5)
      omniauth (~> 1.1.0)
    omniauth-facebook (1.4.1)
      omniauth-oauth2 (~> 1.1.0)
    omniauth-oauth2 (1.1.1)
      oauth2 (~> 0.8.0)
      omniauth (~> 1.0)
    open4 (1.3.0)
    paperclip (2.3.16)
      activerecord (>= 2.3.0)
      activesupport (>= 2.3.2)
      cocaine (>= 0.0.2)
      mime-types
    polyglot (0.3.3)
    rack (1.2.5)
    rack-contrib (1.1.0)
      rack (>= 0.9.1)
    rack-mount (0.6.14)
      rack (>= 1.0.0)
    rack-openid (1.3.1)
      rack (>= 1.1.0)
      ruby-openid (>= 2.1.8)
    rack-test (0.5.7)
      rack (>= 1.0)
    rails (3.0.17)
      actionmailer (= 3.0.17)
      actionpack (= 3.0.17)
      activerecord (= 3.0.17)
      activeresource (= 3.0.17)
      activesupport (= 3.0.17)
      bundler (~> 1.0)
      railties (= 3.0.17)
    railties (3.0.17)
      actionpack (= 3.0.17)
      activesupport (= 3.0.17)
      rake (>= 0.8.7)
      rdoc (~> 3.4)
      thor (~> 0.14.4)
    raindrops (0.10.0)
    rake (0.9.2.2)
    rc-rest (4.0)
      net-http-persistent (~> 1.0)
      nokogiri (>= 1.3.1)
    rdoc (3.12)
      json (~> 1.4)
    rest-client (1.6.7)
      mime-types (>= 1.16)
    retryable-rb (1.1.0)
    rspec (2.11.0)
      rspec-core (~> 2.11.0)
      rspec-expectations (~> 2.11.0)
      rspec-mocks (~> 2.11.0)
    rspec-core (2.11.1)
    rspec-expectations (2.11.3)
      diff-lcs (~> 1.1.3)
    rspec-mocks (2.11.3)
    rspec-rails (2.11.0)
      actionpack (>= 3.0)
      activesupport (>= 3.0)
      railties (>= 3.0)
      rspec (~> 2.11.0)
    ruby-ole (1.2.11.4)
    ruby-openid (2.2.1)
    ruby-openid-apps-discovery (1.2.0)
      ruby-openid (>= 2.1.7)
    siebel_donations (1.0.2)
      activesupport
      oj (~> 1.4.5)
      rest-client (~> 1.6.7)
    simplecov (0.6.4)
      multi_json (~> 1.0)
      simplecov-html (~> 0.5.3)
    simplecov-html (0.5.3)
    sinatra (1.2.8)
      rack (~> 1.1)
      tilt (>= 1.2.2, < 2.0)
    skinny (0.2.3)
      eventmachine (~> 1.0.0)
      thin (~> 1.5.0)
    spork (1.0.0rc3)
    spork-rails (3.2.0)
      rails (>= 3.0.0, < 3.3.0)
      spork (>= 1.0rc0)
    spreadsheet (0.7.4)
      ruby-ole (>= 1.0)
    sqlite3 (1.3.6)
    sqlite3-ruby (1.3.3)
      sqlite3 (>= 1.3.3)
    therubyracer (0.10.2)
      libv8 (~> 3.3.10)
    thin (1.5.0)
      daemons (>= 1.0.9)
      eventmachine (>= 0.12.6)
      rack (>= 1.0.0)
    thor (0.14.6)
    tilt (1.3.3)
    tiny_mce (0.1.8)
    treetop (1.4.12)
      polyglot
      polyglot (>= 0.3.1)
    tzinfo (0.3.33)
    unicorn (4.3.1)
      kgio (~> 2.6)
      rack
      raindrops (~> 0.7)
    whenever (0.7.3)
      activesupport (>= 2.3.4)
      chronic (~> 0.6.3)
    will_paginate (3.0.pre2)
    xml-simple (1.1.1)
    yui-compressor (0.9.6)
      POpen4 (>= 0.1.4)

PLATFORMS
  ruby

DEPENDENCIES
  aasm
  activemerchant
  acts_as_list
  acts_as_versioned
  airbrake
  aws-s3
  capistrano
  carmen (~> 0.2.12)
  dalli
  database_cleaner
  dynamic_form
  excelsior
  factory_girl_rails
  google-geocode
  guard-rspec
  jammit
  less
  liquid
  mail_safe
  mailcatcher
  message_block
  mysql2 (~> 0.2.7)
  newrelic_rpm (>= 3.5.3.25)
  oa-openid
  omniauth
  omniauth-cas
  omniauth-facebook
  paperclip (~> 2.3.8)
  rack-contrib
  rails (~> 3.0.10)
  retryable-rb
  rspec-rails
  siebel_donations (~> 1.0.2)
  simplecov
  spork-rails (~> 3.2.0)
  spreadsheet
  therubyracer
  tiny_mce
  unicorn
  whenever
  will_paginate (= 3.0.pre2)
